GEM
  remote: https://rubygems.org/
  specs:
    base64 (0.3.0)
    jwt (3.1.2)
      base64

PLATFORMS
  arm64-darwin-23
  ruby

DEPENDENCIES
  jwt

BUNDLED WITH
   2.6.2
